GEM
  remote: http://rubygems.org/
  specs:
    mysql2 (0.2.17)

PLATFORMS
  ruby

DEPENDENCIES
  mysql2 (~> 0.2.6)
